NUGET
  remote: https://nuget.org/api/v2
  specs:
    Argu (1.1.3)
    FSharp.Data (2.2.5)
      Zlib.Portable (>= 1.10.0) - framework: portable-net40+sl50+wp80+win80
    Http.fs (1.5.1)
    LibGit2Sharp (0.21.0.176)
    Zlib.Portable (1.11.0) - framework: portable-net40+sl50+wp80+win80
